GEM
  remote: https://rubygems.org/
  specs:
    cloud_events (0.7.0)
    diff-lcs (1.5.0)
    faraday (2.3.0)
      faraday-net_http (~> 2.0)
      ruby2_keywords (>= 0.0.4)
    faraday-net_http (2.0.3)
    functions_framework (0.11.0)
      cloud_events (>= 0.5.1, < 2.a)
      puma (>= 4.3.0, < 6.a)
      rack (~> 2.1)
    nio4r (2.5.8)
    puma (5.6.4)
      nio4r (~> 2.0)
    rack (2.2.3.1)
    rspec (3.11.0)
      rspec-core (~> 3.11.0)
      rspec-expectations (~> 3.11.0)
      rspec-mocks (~> 3.11.0)
    rspec-core (3.11.0)
      rspec-support (~> 3.11.0)
    rspec-expectations (3.11.0)
      diff-lcs (>= 1.2.0, < 2.0)
      rspec-support (~> 3.11.0)
    rspec-mocks (3.11.1)
      diff-lcs (>= 1.2.0, < 2.0)
      rspec-support (~> 3.11.0)
    rspec-support (3.11.0)
    ruby2_keywords (0.0.5)

PLATFORMS
  x86_64-darwin-19

DEPENDENCIES
  faraday
  functions_framework (~> 0.5)
  rspec (~> 3.5)

BUNDLED WITH
   2.2.4
